PATH
  remote: .
  specs:
    Resedit (1.0.0)

GEM
  remote: https://rubygems.org/
  specs:
    chunky_png (1.3.5)

PLATFORMS
  ruby

DEPENDENCIES
  Resedit!
  chunky_png

BUNDLED WITH
   1.11.2
