PATH
  remote: .
  specs:
    resedit (1.0.0)

GEM
  remote: https://rubygems.org/
  specs:
    chunky_png (1.3.5)

PLATFORMS
  ruby

DEPENDENCIES
  chunky_png
  resedit!

BUNDLED WITH
   1.11.2
