PATH
  remote: .
  specs:
    resedit (1)
      builder (= 3.2.3)
      chunky_png (= 1.3.5)

GEM
  remote: https://rubygems.org/
  specs:
    builder (3.2.3)
    chunky_png (1.3.5)

PLATFORMS
  ruby

DEPENDENCIES
  resedit!

BUNDLED WITH
   1.15.4
