PATH
  remote: .
  specs:
    resedit (1.2)
      chunky_png (= 1.3.5)

GEM
  remote: https://rubygems.org/
  specs:
    chunky_png (1.3.5)

PLATFORMS
  ruby

DEPENDENCIES
  resedit!

BUNDLED WITH
   1.11.2
